GEM
  specs:
    colored (1.2)

PLATFORMS
  ruby

DEPENDENCIES
  colored (~> 1.2)
