PATH
  remote: .
  specs:
    minicron (0.1.0)
      colored (~> 1.2)
      commander (~> 4.1.5)

GEM
  remote: https://rubygems.org/
  specs:
    colored (1.2)
    commander (4.1.5)
      highline (~> 1.6.11)
    highline (1.6.20)
    rake (10.1.1)

PLATFORMS
  ruby

DEPENDENCIES
  bundler (~> 1.5)
  minicron!
  rake
